GEM
  remote: https://rubygems.org/
  specs:
    addressable (2.3.5)
    faraday (0.9.0)
      multipart-post (>= 1.2, < 3)
    multipart-post (2.0.0)
    octokit (2.7.1)
      sawyer (~> 0.5.2)
    rack (1.5.2)
    rack-protection (1.5.2)
      rack
    sawyer (0.5.3)
      addressable (~> 2.3.5)
      faraday (~> 0.8, < 0.10)
    sinatra (1.4.4)
      rack (~> 1.4)
      rack-protection (~> 1.4)
      tilt (~> 1.3, >= 1.3.4)
    tilt (1.4.1)

PLATFORMS
  ruby

DEPENDENCIES
  octokit (~> 2.0)
  sinatra
